PATH
  remote: .
  specs:
    steemdata-rb (0.0.1a)
      mongoid

GEM
  remote: https://rubygems.org/
  specs:
    activemodel (5.0.2)
      activesupport (= 5.0.2)
    activesupport (5.0.2)
      concurrent-ruby (~> 1.0, >= 1.0.2)
      i18n (~> 0.7)
      minitest (~> 5.1)
      tzinfo (~> 1.1)
    awesome_print (1.7.0)
    bson (4.2.1)
    codeclimate-test-reporter (0.5.2)
      simplecov (>= 0.7.1, < 1.0.0)
    coderay (1.1.1)
    concurrent-ruby (1.0.5)
    docile (1.1.5)
    i18n (0.8.1)
    json (1.8.6)
    method_source (0.8.2)
    minitest (5.9.1)
    minitest-line (0.6.3)
      minitest (~> 5.0)
    mongo (2.4.1)
      bson (>= 4.2.1, < 5.0.0)
    mongoid (6.1.0)
      activemodel (~> 5.0)
      mongo (>= 2.4.1, < 3.0.0)
    pry (0.10.4)
      coderay (~> 1.1.0)
      method_source (~> 0.8.1)
      slop (~> 3.4)
    rake (11.2.2)
    simplecov (0.11.2)
      docile (~> 1.1.0)
      json (~> 1.8)
      simplecov-html (~> 0.10.0)
    simplecov-html (0.10.0)
    slop (3.6.0)
    thread_safe (0.3.6)
    tzinfo (1.2.2)
      thread_safe (~> 0.1)
    yard (0.8.7.6)

PLATFORMS
  ruby

DEPENDENCIES
  awesome_print (~> 1.7.0)
  bundler (~> 1.11)
  codeclimate-test-reporter (~> 0.5.2)
  minitest (~> 5.9.0)
  minitest-line (~> 0.6.3)
  pry (~> 0.10.3)
  rake (~> 11.2.2)
  simplecov (~> 0.11.2)
  steemdata-rb!
  yard (~> 0.8.7.6)

BUNDLED WITH
   1.14.3
