PATH
  remote: .
  specs:
    steem_data (0.0.3)
      mongoid (~> 6.1, >= 6.1.0)

GEM
  remote: https://rubygems.org/
  specs:
    activemodel (5.1.4)
      activesupport (= 5.1.4)
    activesupport (5.1.4)
      concurrent-ruby (~> 1.0, >= 1.0.2)
      i18n (~> 0.7)
      minitest (~> 5.1)
      tzinfo (~> 1.1)
    awesome_print (1.8.0)
    bson (4.2.2)
    coderay (1.1.2)
    concurrent-ruby (1.0.5)
    docile (1.1.5)
    i18n (0.8.6)
    json (2.1.0)
    method_source (0.9.0)
    minitest (5.10.3)
    minitest-line (0.6.4)
      minitest (~> 5.0)
    mongo (2.4.3)
      bson (>= 4.2.1, < 5.0.0)
    mongoid (6.2.1)
      activemodel (~> 5.1)
      mongo (>= 2.4.1, < 3.0.0)
    pry (0.11.1)
      coderay (~> 1.1.0)
      method_source (~> 0.9.0)
    rake (12.1.0)
    simplecov (0.15.1)
      docile (~> 1.1.0)
      json (>= 1.8, < 3)
      simplecov-html (~> 0.10.0)
    simplecov-html (0.10.2)
    thread_safe (0.3.6)
    tzinfo (1.2.3)
      thread_safe (~> 0.1)
    yard (0.9.9)

PLATFORMS
  ruby

DEPENDENCIES
  awesome_print (~> 1.8, >= 1.8.0)
  bundler (~> 1.15, >= 1.15.4)
  minitest (~> 5.10, >= 5.10.3)
  minitest-line (~> 0.6, >= 0.6.4)
  pry (~> 0.11, >= 0.11.1)
  rake (~> 12.1, >= 12.1.0)
  simplecov (~> 0.15, >= 0.15.1)
  steem_data!
  yard (~> 0.9, >= 0.9.9)

BUNDLED WITH
   1.15.4
